GEM
  remote: https://rubygems.org/
  specs:
    dotenv (1.0.2)
    mail (2.6.3)
      mime-types (>= 1.16, < 3)
    mime-types (2.4.3)
    mustache (0.99.7)

PLATFORMS
  ruby

DEPENDENCIES
  dotenv
  mail
  mustache
